GEM
  remote: https://rubygems.org/
  specs:
    faraday (0.14.0)
      multipart-post (>= 1.2, < 3)
    multipart-post (2.0.0)

PLATFORMS
  ruby

DEPENDENCIES
  faraday

BUNDLED WITH
   1.16.0
